GIT
  remote: https://github.com/alown/feedtosis
  revision: d763f2cdae9d75a42f9b04b03bc28b71b57c4525
  specs:
    feedtosis (0.0.3.6)
      curb
      feed-normalizer
      http_headers
      moneta

GEM
  remote: https://rubygems.org/
  specs:
    airbrussh (1.1.1)
      sshkit (>= 1.6.1, != 1.7.0)
    builder (3.2.2)
    capistrano (3.7.1)
      airbrussh (>= 1.0.0)
      capistrano-harrow
      i18n
      rake (>= 10.0.0)
      sshkit (>= 1.9.0)
    capistrano-harrow (0.5.3)
    curb (0.9.3)
    feed-normalizer (1.5.2)
      hpricot (>= 0.6)
      simple-rss (>= 1.1)
    foreman (0.82.0)
      thor (~> 0.19.1)
    hiredis (0.6.1)
    hpricot (0.8.6)
    http_headers (0.0.2.3)
    i18n (0.7.0)
    moneta (0.8.1)
    msgpack (1.0.2)
    net-scp (1.2.1)
      net-ssh (>= 2.6.5)
    net-ssh (4.0.0)
    puma (3.6.2)
    rack (1.6.5)
    rack-protection (1.5.3)
      rack
    rake (12.0.0)
    redis (3.3.2)
    simple-rss (1.3.1)
    sinatra (1.4.7)
      rack (~> 1.5)
      rack-protection (~> 1.4)
      tilt (>= 1.3, < 3)
    sshkit (1.11.5)
      net-scp (>= 1.1.2)
      net-ssh (>= 2.8.0)
    thor (0.19.4)
    tilt (2.0.5)

PLATFORMS
  ruby

DEPENDENCIES
  builder
  capistrano
  feedtosis!
  foreman
  hiredis
  moneta
  msgpack
  puma
  redis
  sinatra

RUBY VERSION
   ruby 2.3.1p112

BUNDLED WITH
   1.13.6
